PATH
  remote: .
  specs:
    worker (0.1.0)
      aws-sdk-autoscaling (~> 1.79.0)
      aws-sdk-s3 (~> 1.113.2)
      aws-sdk-sqs (~> 1.51.1)

GEM
  remote: https://rubygems.org/
  specs:
    aws-eventstream (1.2.0)
    aws-partitions (1.589.0)
    aws-sdk-autoscaling (1.79.0)
      aws-sdk-core (~> 3, >= 3.127.0)
      aws-sigv4 (~> 1.1)
    aws-sdk-core (3.131.0)
      aws-eventstream (~> 1, >= 1.0.2)
      aws-partitions (~> 1, >= 1.525.0)
      aws-sigv4 (~> 1.1)
      jmespath (~> 1.0)
    aws-sdk-kms (1.57.0)
      aws-sdk-core (~> 3, >= 3.127.0)
      aws-sigv4 (~> 1.1)
    aws-sdk-s3 (1.113.2)
      aws-sdk-core (~> 3, >= 3.127.0)
      aws-sdk-kms (~> 1)
      aws-sigv4 (~> 1.4)
    aws-sdk-sqs (1.51.1)
      aws-sdk-core (~> 3, >= 3.127.0)
      aws-sigv4 (~> 1.1)
    aws-sigv4 (1.5.0)
      aws-eventstream (~> 1, >= 1.0.2)
    jmespath (1.6.1)
    rake (13.0.6)

PLATFORMS
  x86_64-darwin-20

DEPENDENCIES
  bundler (~> 2.3)
  rake (~> 13.0)
  worker!

BUNDLED WITH
   2.3.14
